PATH
  remote: .
  specs:
    cuitar (1.2.0)

GEM
  remote: https://rubygems.org/
  specs:
    minitest (5.18.0)
    rake (12.3.3)

PLATFORMS
  ruby

DEPENDENCIES
  cuitar!
  minitest (~> 5.0)
  rake (~> 12.0)

BUNDLED WITH
   2.4.10
