PATH
  remote: .
  specs:
    cuitar (1.0.0)

GEM
  remote: https://rubygems.org/
  specs:
    minitest (5.14.2)
    rake (12.3.1)

PLATFORMS
  ruby

DEPENDENCIES
  cuitar!
  minitest (~> 5.0)
  rake (~> 12.0)

BUNDLED WITH
   2.1.4
